GEM
  remote: http://rubygems.org/
  specs:
    builder (3.2.2)
    crack (0.4.2)
      safe_yaml (~> 1.0.0)
    happymapper (0.4.1)
      libxml-ruby (~> 2.0)
    json (1.8.1)
    kgio (2.9.2)
    libxml-ruby (2.7.0)
    mime-types (1.25.1)
    mini_portile (0.6.1)
    nokogiri (1.6.4.1)
      mini_portile (~> 0.6.0)
    nokogiri-happymapper (0.5.9)
      nokogiri (~> 1.5)
    pivotal-tracker (0.5.12)
      builder
      crack
      happymapper (>= 0.3.2)
      nokogiri (>= 1.4.3)
      nokogiri (>= 1.4.3)
      nokogiri (>= 1.4.3)
      nokogiri (>= 1.4.3)
      nokogiri (>= 1.4.3)
      nokogiri (>= 1.4.3)
      nokogiri (>= 1.4.3)
      nokogiri (>= 1.4.3)
      nokogiri (>= 1.4.3)
      nokogiri (>= 1.4.3)
      nokogiri (>= 1.4.3)
      nokogiri (>= 1.4.3)
      nokogiri (>= 1.4.3)
      nokogiri (>= 1.4.3)
      nokogiri (>= 1.4.3)
      nokogiri (>= 1.4.3)
      nokogiri (>= 1.4.3)
      nokogiri (>= 1.4.3)
      nokogiri (>= 1.4.3)
      nokogiri (>= 1.4.3)
      nokogiri (>= 1.4.3)
      nokogiri (>= 1.4.3)
      nokogiri (>= 1.4.3)
      nokogiri (>= 1.4.3)
      nokogiri (>= 1.4.3)
      nokogiri (>= 1.4.3)
      nokogiri (>= 1.4.3)
      nokogiri (>= 1.4.3)
      nokogiri (>= 1.4.3)
      nokogiri (>= 1.4.3)
      nokogiri (>= 1.4.3)
      nokogiri (>= 1.4.3)
      nokogiri (>= 1.4.3)
      nokogiri (>= 1.4.3)
      nokogiri (>= 1.4.3)
      nokogiri (>= 1.4.3)
      nokogiri (>= 1.4.3)
      nokogiri (>= 1.4.3)
      nokogiri (>= 1.4.3)
      nokogiri (>= 1.4.3)
      nokogiri (>= 1.4.3)
      nokogiri (>= 1.4.3)
      nokogiri (>= 1.4.3)
      nokogiri (>= 1.4.3)
      nokogiri (>= 1.4.3)
      nokogiri (>= 1.4.3)
      nokogiri (>= 1.4.3)
      nokogiri (>= 1.4.3)
      nokogiri (>= 1.4.3)
      nokogiri (>= 1.4.3)
      nokogiri (>= 1.4.3)
      nokogiri (>= 1.4.3)
      nokogiri (>= 1.4.3)
      nokogiri (>= 1.4.3)
      nokogiri (>= 1.4.3)
      nokogiri (>= 1.4.3)
      nokogiri (>= 1.4.3)
      nokogiri (>= 1.4.3)
      nokogiri (>= 1.4.3)
      nokogiri (>= 1.4.3)
      nokogiri (>= 1.4.3)
      nokogiri (>= 1.4.3)
      nokogiri (>= 1.4.3)
      nokogiri (>= 1.4.3)
      nokogiri (>= 1.4.3)
      nokogiri (>= 1.4.3)
      nokogiri (>= 1.4.3)
      nokogiri (>= 1.4.3)
      nokogiri (>= 1.4.3)
      nokogiri (>= 1.4.3)
      nokogiri (>= 1.4.3)
      nokogiri (>= 1.4.3)
      nokogiri (>= 1.4.3)
      nokogiri (>= 1.4.3)
      nokogiri (>= 1.4.3)
      nokogiri (>= 1.4.3)
      nokogiri (>= 1.4.3)
      nokogiri (>= 1.4.3)
      nokogiri (>= 1.4.3)
      nokogiri (>= 1.4.3)
      nokogiri (>= 1.4.3)
      nokogiri (>= 1.4.3)
      nokogiri (>= 1.4.3)
      nokogiri (>= 1.4.3)
      nokogiri (>= 1.4.3)
      nokogiri (>= 1.4.3)
      nokogiri (>= 1.4.3)
      nokogiri (>= 1.4.3)
      nokogiri (>= 1.4.3)
      nokogiri (>= 1.4.3)
      nokogiri (>= 1.4.3)
      nokogiri (>= 1.4.3)
      nokogiri (>= 1.4.3)
      nokogiri (>= 1.4.3)
      nokogiri (>= 1.4.3)
      nokogiri (>= 1.4.3)
      nokogiri (>= 1.4.3)
      nokogiri (>= 1.4.3)
      nokogiri (>= 1.4.3)
      nokogiri (>= 1.4.3)
      nokogiri (>= 1.4.3)
      nokogiri (>= 1.4.3)
      nokogiri (>= 1.4.3)
      nokogiri (>= 1.4.3)
      nokogiri (>= 1.4.3)
      nokogiri (>= 1.4.3)
      nokogiri (>= 1.4.3)
      nokogiri (>= 1.4.3)
      nokogiri (>= 1.4.3)
      nokogiri (>= 1.4.3)
      nokogiri (>= 1.4.3)
      nokogiri (>= 1.4.3)
      nokogiri (>= 1.4.3)
      nokogiri (>= 1.4.3)
      nokogiri (>= 1.4.3)
      nokogiri (>= 1.4.3)
      nokogiri (>= 1.4.3)
      nokogiri (>= 1.4.3)
      nokogiri (>= 1.4.3)
      nokogiri (>= 1.4.3)
      nokogiri (>= 1.4.3)
      nokogiri (>= 1.4.3)
      nokogiri (>= 1.5.5)
      nokogiri (>= 1.5.5)
      nokogiri (>= 1.5.5)
      nokogiri (>= 1.5.5)
      nokogiri (>= 1.5.5)
      nokogiri (>= 1.5.5)
      nokogiri (>= 1.5.5)
      nokogiri (>= 1.5.5)
      nokogiri (>= 1.5.5)
      nokogiri (>= 1.5.5)
      nokogiri (>= 1.5.5)
      nokogiri (>= 1.5.5)
      nokogiri (>= 1.5.5)
      nokogiri (>= 1.5.5)
      nokogiri (>= 1.5.5)
      nokogiri (>= 1.5.5)
      nokogiri (>= 1.5.5)
      nokogiri (>= 1.5.5)
      nokogiri (>= 1.5.5)
      nokogiri (>= 1.5.5)
      nokogiri (>= 1.5.5)
      nokogiri (>= 1.5.5)
      nokogiri (>= 1.5.5)
      nokogiri (>= 1.5.5)
      nokogiri (>= 1.5.5)
      nokogiri (>= 1.5.5)
      nokogiri (>= 1.5.5)
      nokogiri (>= 1.5.5)
      nokogiri (>= 1.5.5)
      nokogiri (>= 1.5.5)
      nokogiri (>= 1.5.5)
      nokogiri (>= 1.5.5)
      nokogiri (>= 1.5.5)
      nokogiri (>= 1.5.5)
      nokogiri (>= 1.5.5)
      nokogiri (>= 1.5.5)
      nokogiri (>= 1.5.5)
      nokogiri (>= 1.5.5)
      nokogiri (>= 1.5.5)
      nokogiri (>= 1.5.5)
      nokogiri (>= 1.5.5)
      nokogiri (>= 1.5.5)
      nokogiri (>= 1.5.5)
      nokogiri (>= 1.5.5)
      nokogiri (>= 1.5.5)
      nokogiri (>= 1.5.5)
      nokogiri (>= 1.5.5)
      nokogiri (>= 1.5.5)
      nokogiri (>= 1.5.5)
      nokogiri (>= 1.5.5)
      nokogiri (>= 1.5.5)
      nokogiri (>= 1.5.5)
      nokogiri (>= 1.5.5)
      nokogiri (>= 1.5.5)
      nokogiri (>= 1.5.5)
      nokogiri (>= 1.5.5)
      nokogiri (>= 1.5.5)
      nokogiri (>= 1.5.5)
      nokogiri (>= 1.5.5)
      nokogiri (>= 1.5.5)
      nokogiri (>= 1.5.5)
      nokogiri (>= 1.5.5)
      nokogiri (>= 1.5.5)
      nokogiri (>= 1.5.5)
      nokogiri (>= 1.5.5)
      nokogiri (>= 1.5.5)
      nokogiri (>= 1.5.5)
      nokogiri (>= 1.5.5)
      nokogiri (>= 1.5.5)
      nokogiri (>= 1.5.5)
      nokogiri (>= 1.5.5)
      nokogiri (>= 1.5.5)
      nokogiri (>= 1.5.5)
      nokogiri (>= 1.5.5)
      nokogiri (>= 1.5.5)
      nokogiri (>= 1.5.5)
      nokogiri (>= 1.5.5)
      nokogiri (>= 1.5.5)
      nokogiri (>= 1.5.5)
      nokogiri (>= 1.5.5)
      nokogiri (>= 1.5.5)
      nokogiri (>= 1.5.5)
      nokogiri (>= 1.5.5)
      nokogiri (>= 1.5.5)
      nokogiri (>= 1.5.5)
      nokogiri (>= 1.5.5)
      nokogiri (>= 1.5.5)
      nokogiri (>= 1.5.5)
      nokogiri (>= 1.5.5)
      nokogiri (>= 1.5.5)
      nokogiri (>= 1.5.5)
      nokogiri (>= 1.5.5)
      nokogiri (>= 1.5.5)
      nokogiri (>= 1.5.5)
      nokogiri (>= 1.5.5)
      nokogiri (>= 1.5.5)
      nokogiri (>= 1.5.5)
      nokogiri (>= 1.5.5)
      nokogiri (>= 1.5.5)
      nokogiri (>= 1.5.5)
      nokogiri (>= 1.5.5)
      nokogiri (>= 1.5.5)
      nokogiri (>= 1.5.5)
      nokogiri (>= 1.5.5)
      nokogiri (>= 1.5.5)
      nokogiri (>= 1.5.5)
      nokogiri (>= 1.5.5)
      nokogiri (>= 1.5.5)
      nokogiri (>= 1.5.5)
      nokogiri (>= 1.5.5)
      nokogiri (>= 1.5.5)
      nokogiri (>= 1.5.5)
      nokogiri (>= 1.5.5)
      nokogiri (>= 1.5.5)
      nokogiri (>= 1.5.5)
      nokogiri (>= 1.5.5)
      nokogiri (>= 1.5.5)
      nokogiri (>= 1.5.5)
      nokogiri (>= 1.5.5)
      nokogiri (>= 1.5.5)
      nokogiri (>= 1.5.5)
      nokogiri-happymapper (>= 0.5.4)
      rest-client (~> 1.6.0)
    rack (1.5.2)
    rack-protection (1.5.3)
      rack
    raindrops (0.13.0)
    rdoc (4.1.2)
      json (~> 1.4)
    rest-client (1.6.8)
      mime-types (~> 1.16)
      rdoc (>= 2.4.2)
    safe_yaml (1.0.4)
    sinatra (1.4.5)
      rack (~> 1.4)
      rack-protection (~> 1.4)
      tilt (~> 1.3, >= 1.3.4)
    tilt (1.4.1)
    unicorn (4.8.3)
      kgio (~> 2.6)
      rack
      raindrops (~> 0.7)

PLATFORMS
  ruby

DEPENDENCIES
  pivotal-tracker
  sinatra
  unicorn
